GIT
  remote: git://github.com/jruby/warbler.git
  revision: 0747bcfd6f06c154889f891f7c0de14992282152
  specs:
    warbler (1.4.5.dev)
      jruby-jars (>= 1.5.6, < 2.0)
      jruby-rack (>= 1.0.0)
      rake (>= 0.9.6)
      rubyzip (>= 0.9, < 1.2)

GEM
  remote: https://rubygems.org/
  specs:
    jruby-jars (1.7.16.1)
    jruby-rack (1.1.16)
    rake (10.4.2)
    rubyzip (1.1.6)
    saxon-xslt (0.5.1-java)

PLATFORMS
  java
  ruby

DEPENDENCIES
  jruby-jars
  saxon-xslt
  warbler!

BUNDLED WITH
   1.17.1
